GEM
  remote: https://rubygems.org/
  specs:
    ffi (1.9.10)
    rack (1.6.4)
    rack-protection (1.5.3)
      rack
    rubyserial (0.2.4)
      ffi (~> 1.9.3)
    sinatra (1.4.6)
      rack (~> 1.4)
      rack-protection (~> 1.4)
      tilt (>= 1.3, < 3)
    tilt (2.0.1)

PLATFORMS
  ruby

DEPENDENCIES
  rubyserial
  sinatra

BUNDLED WITH
   1.10.6
